PATH
  remote: .
  specs:
    csv_handler (0.2.0)

GEM
  remote: https://rubygems.org/
  specs:
    minitest (5.18.1)
    rake (10.5.0)

PLATFORMS
  ruby

DEPENDENCIES
  bundler (~> 2.0)
  csv_handler!
  minitest (~> 5.0)
  rake (~> 10.0)

BUNDLED WITH
   2.4.16
